GEM
  remote: https://rubygems.org/
  specs:
    coderay (1.1.2)
    method_source (0.9.2)
    nokogiri (1.13.2-x64-mingw32)
      racc (~> 1.4)
    nokogiri (1.13.2-x86_64-linux)
      racc (~> 1.4)
    open_uri_redirections (0.2.1)
    pry (0.12.2)
      coderay (~> 1.1.0)
      method_source (~> 0.9.0)
    racc (1.6.0)

PLATFORMS
  x64-mingw32
  x86_64-linux

DEPENDENCIES
  nokogiri (~> 1.13)
  open_uri_redirections (~> 0.2.1)
  pry (~> 0.12.2)

BUNDLED WITH
   2.0.2
